GEM
  remote: http://rubygems.org/
  specs:
    fastercsv (1.5.4)
    redis (2.2.2)

PLATFORMS
  ruby

DEPENDENCIES
  fastercsv
  redis
